GEM
  remote: https://rubygems.org/
  specs:
    mustermann (1.1.1)
      ruby2_keywords (~> 0.0.1)
    pi_charts (1.0.0)
    rack (2.2.3)
    rack-protection (2.2.0)
      rack
    require_all (3.0.0)
    ruby2_keywords (0.0.5)
    sinatra (2.2.0)
      mustermann (~> 1.0)
      rack (~> 2.2)
      rack-protection (= 2.2.0)
      tilt (~> 2.0)
    tilt (2.0.10)

PLATFORMS
  ruby

DEPENDENCIES
  pi_charts
  require_all
  sinatra

BUNDLED WITH
   2.1.4
